GEM
  remote: https://rubygems.org/
  specs:
    minitest (5.10.2)
    mustermann (1.0.0)
    rack (2.0.3)
    rack-protection (2.0.0)
      rack
    rack-test (0.6.3)
      rack (>= 1.0)
    rake (10.4.2)
    sass (3.4.22)
    sinatra (2.0.0)
      mustermann (~> 1.0)
      rack (~> 2.0)
      rack-protection (= 2.0.0)
      tilt (~> 2.0)
    tilt (2.0.7)

PLATFORMS
  x86-mingw32

DEPENDENCIES
  minitest (= 5.10.2)
  rack (= 2.0.3)
  rack-test (= 0.6.3)
  rake (= 10.4.2)
  sass (= 3.4.22)
  sinatra (= 2.0.0)

RUBY VERSION
   ruby 2.3.3p222

BUNDLED WITH
   1.15.0
